GEM
  remote: https://rubygems.org/
  specs:
    classifier (1.3.1)
      stemmer (>= 1.0.0)
    eventmachine (1.0.3)
    faraday (0.9.0)
      multipart-post (>= 1.2, < 3)
    faye-websocket (0.8.0)
      eventmachine (>= 0.12.0)
      websocket-driver (>= 0.4.0)
    http_router (0.11.1)
      rack (>= 1.0.0)
      url_mount (~> 0.2.1)
    i18n (0.6.11)
    ice_nine (0.11.1)
    lita (4.0.4)
      bundler (>= 1.3)
      faraday (>= 0.8.7)
      http_router (>= 0.11.1)
      i18n (>= 0.6.9)
      ice_nine (>= 0.11.0)
      multi_json (>= 1.7.7)
      puma (>= 2.7.1)
      rack (>= 1.5.2)
      rb-readline (>= 0.5.1)
      redis-namespace (>= 1.3.0)
      thor (>= 0.18.1)
    lita-coin (0.0.3)
      lita (>= 2.3)
    lita-google-images (2.0.0)
      lita (>= 4.0)
    lita-slack (1.0.1)
      eventmachine
      faraday
      faye-websocket (>= 0.8.0)
      lita (>= 4.0.4)
      multi_json
    lita-twss (0.0.2)
      lita (>= 2.6)
      twss (~> 0.0.4)
    lita-xkcd (0.0.5)
      lita (>= 2.2)
    multi_json (1.10.1)
    multipart-post (2.0.0)
    puma (2.10.1)
      rack (>= 1.1, < 2.0)
    rack (1.5.2)
    rb-readline (0.5.1)
    redis (3.1.0)
    redis-namespace (1.5.1)
      redis (~> 3.0, >= 3.0.4)
    stemmer (1.0.1)
    thor (0.19.1)
    twss (0.0.5)
      classifier (= 1.3.1)
    url_mount (0.2.1)
      rack
    websocket-driver (0.4.0)

PLATFORMS
  ruby

DEPENDENCIES
  lita
  lita-coin
  lita-google-images
  lita-slack
  lita-twss
  lita-xkcd
